GEM
  remote: http://rubygems.org/
  specs:
    amex (0.4.0)
      httparty
      nokogiri
    httparty (0.9.0)
      multi_json (~> 1.0)
      multi_xml
    multi_json (1.5.0)
    multi_xml (0.5.1)
    nokogiri (1.5.6)

PLATFORMS
  ruby

DEPENDENCIES
  amex (= 0.4.0)
  httparty (= 0.9.0)
  nokogiri (= 1.5.6)
