GEM
  remote: http://rubygems.org/
  specs:
    amex (0.4.1)
      httparty
      nokogiri
    httparty (0.9.0)
      multi_json (~> 1.0)
      multi_xml
    mini_portile2 (2.8.0)
    multi_json (1.5.0)
    multi_xml (0.5.1)
    nokogiri (1.13.6)
      mini_portile2 (~> 2.8.0)
      racc (~> 1.4)
    racc (1.6.0)

PLATFORMS
  ruby

DEPENDENCIES
  amex (= 0.4.1)
  httparty (= 0.9.0)
  nokogiri (= 1.13.6)
