GEM
  remote: http://rubygems.org/
  specs:
    amex (0.4.1)
      httparty
      nokogiri
    httparty (0.21.0)
      mini_mime (>= 1.0.0)
      multi_xml (>= 0.5.2)
    mini_mime (1.1.2)
    multi_xml (0.6.0)
    nokogiri (1.5.6)

PLATFORMS
  ruby

DEPENDENCIES
  amex (= 0.4.1)
  httparty (= 0.21.0)
  nokogiri (= 1.5.6)
